GEM
  remote: http://rubygems.org/
  specs:
    rb-readline (0.4.2)

PLATFORMS
  ruby

DEPENDENCIES
  rb-readline
